GEM
  remote: https://rubygems.org/
  specs:
    concurrent-ruby (1.0.5)
    ffi (1.9.18)
    foreman (0.84.0)
      thor (~> 0.19.1)
    hike (1.2.3)
    listen (3.1.5)
      rb-fsevent (~> 0.9, >= 0.9.4)
      rb-inotify (~> 0.9, >= 0.9.7)
      ruby_dep (~> 1.2)
    opal (0.10.5)
      hike (~> 1.2)
      sourcemap (~> 0.1.0)
      sprockets (~> 3.1)
      tilt (>= 1.4)
    opal-sprockets (0.4.1.0.10.4.3.1.0)
      opal (~> 0.10.4)
      sprockets (~> 3.1)
      tilt (>= 1.4)
    opal_hot_reloader (0.1.4)
      listen (~> 3.0)
      websocket
    rack (2.0.3)
    rake (12.0.0)
    rb-fsevent (0.10.2)
    rb-inotify (0.9.10)
      ffi (>= 0.5.0, < 2)
    ruby_dep (1.5.0)
    sourcemap (0.1.1)
    sprockets (3.7.1)
      concurrent-ruby (~> 1.0)
      rack (> 1, < 3)
    thor (0.19.4)
    tilt (2.0.8)
    websocket (1.2.4)

PLATFORMS
  ruby

DEPENDENCIES
  foreman
  opal
  opal-sprockets
  opal_hot_reloader
  rack
  rake

BUNDLED WITH
   1.14.6
